GEM
  remote: https://rubygems.org/
  specs:
    activesupport (5.2.0)
      concurrent-ruby (~> 1.0, >= 1.0.2)
      i18n (>= 0.7, < 2)
      minitest (~> 5.1)
      tzinfo (~> 1.1)
    concurrent-ruby (1.0.5)
    i18n (1.0.1)
      concurrent-ruby (~> 1.0)
    minitest (5.11.3)
    thread_safe (0.3.6)
    tzinfo (1.2.5)
      thread_safe (~> 0.1)
    whois (4.0.6)
    whois-parser (1.1.0)
      activesupport (>= 4)
      whois (>= 4.0.6)

PLATFORMS
  ruby

DEPENDENCIES
  whois (~> 4.0, >= 4.0.6)
  whois-parser

BUNDLED WITH
   1.16.2
